GEM
  remote: https://rubygems.org/
  specs:
    byebug (9.0.6)
    paint (2.0.0)
    require_all (1.4.0)

PLATFORMS
  ruby

DEPENDENCIES
  byebug!
  paint!
  require_all!

BUNDLED WITH
   1.15.3
